PATH
  remote: .
  specs:
    driver (0.0.1)
      activesupport
      hiredis
      redis
      redis-namespace

GEM
  remote: http://rubygems.org/
  specs:
    activesupport (3.2.11)
      i18n (~> 0.6)
      multi_json (~> 1.0)
    diff-lcs (1.1.3)
    hiredis (0.4.5)
    i18n (0.6.1)
    multi_json (1.5.0)
    redis (3.0.2)
    redis-namespace (1.2.1)
      redis (~> 3.0.0)
    rspec (2.12.0)
      rspec-core (~> 2.12.0)
      rspec-expectations (~> 2.12.0)
      rspec-mocks (~> 2.12.0)
    rspec-core (2.12.2)
    rspec-expectations (2.12.1)
      diff-lcs (~> 1.1.3)
    rspec-mocks (2.12.2)

PLATFORMS
  ruby

DEPENDENCIES
  driver!
  rspec
